GEM
  remote: https://rubygems.org/
  specs:
    byebug (11.1.3)

PLATFORMS
  x86_64-linux

DEPENDENCIES
  byebug

RUBY VERSION
   ruby 3.0.2p107

BUNDLED WITH
   2.2.22
